PATH
  remote: .
  specs:
    curb (1.0.0)

GEM
  remote: https://rubygems.org/
  specs:
    chef-utils (17.9.26)
      concurrent-ruby
    coderay (1.1.3)
    concurrent-ruby (1.1.9)
    method_source (1.0.0)
    minitest (5.15.0)
    mixlib-shellout (3.2.5)
      chef-utils
    power_assert (2.0.1)
    pry (0.14.1)
      coderay (~> 1.1)
      method_source (~> 1.0)
    psych (4.0.3)
      stringio
    rake (13.0.6)
    rdoc (6.4.0)
      psych (>= 4.0.0)
    stringio (3.0.1)
    test-unit (3.5.3)
      power_assert
    webrick (1.7.0)

PLATFORMS
  ruby

DEPENDENCIES
  curb!
  minitest
  mixlib-shellout
  pry
  rake (>= 13.0.1)
  rdoc (>= 6.3.1)
  test-unit
  webrick

BUNDLED WITH
   2.2.11
