PATH
  remote: .
  specs:
    curb (1.0.0)

GEM
  remote: https://rubygems.org/
  specs:
    coderay (1.1.2)
    method_source (0.9.0)
    minitest (4.7.5)
    mixlib-shellout (2.4.0)
    power_assert (1.1.7)
    pry (0.11.3)
      coderay (~> 1.1.0)
      method_source (~> 0.9.0)
    psych (4.0.3)
      stringio
    rake (13.0.1)
    rdoc (6.4.0)
      psych (>= 4.0.0)
    stringio (3.0.1)
    test-unit (3.3.5)
      power_assert
    webrick (1.7.0)

PLATFORMS
  ruby

DEPENDENCIES
  curb!
  minitest
  mixlib-shellout
  pry
  rake (>= 13.0.1)
  rdoc (>= 6.3.1)
  test-unit
  webrick

BUNDLED WITH
   2.2.11
